GEM
  specs:
    biotcm (0.11.2)
    ruby-progressbar (1.8.1)

PLATFORMS
  ruby

DEPENDENCIES
  biotcm
  ruby-progressbar

BUNDLED WITH
   1.13.7
